GEM
  remote: https://rubygems.org/
  specs:
    benchmark-ips (2.13.0)
    bigdecimal (3.1.6)
    concurrent-ruby (1.2.3)
    pg (1.5.4)
    sequel (5.76.0)
      bigdecimal

PLATFORMS
  arm64-darwin-23
  ruby
  x86_64-linux

DEPENDENCIES
  benchmark-ips
  concurrent-ruby
  pg
  sequel

BUNDLED WITH
   2.5.5
