GEM
  remote: https://rubygems.org/
  specs:
    concurrent-ruby (1.2.3)

PLATFORMS
  arm64-darwin-23
  ruby
  x86_64-linux

DEPENDENCIES
  concurrent-ruby

BUNDLED WITH
   2.5.5
